GEM
  remote: https://rubygems.org/
  specs:
    diff-lcs (1.2.5)
    easy_translate (0.5.0)
      json
      thread
      thread_safe
    json (2.0.3)
    mini_portile2 (2.1.0)
    nokogiri (1.6.8.1)
      mini_portile2 (~> 2.1.0)
    rack (1.6.5)
    rack-protection (1.5.3)
      rack
    rspec (3.5.0)
      rspec-core (~> 3.5.0)
      rspec-expectations (~> 3.5.0)
      rspec-mocks (~> 3.5.0)
    rspec-core (3.5.4)
      rspec-support (~> 3.5.0)
    rspec-expectations (3.5.0)
      diff-lcs (>= 1.2.0, < 2.0)
      rspec-support (~> 3.5.0)
    rspec-mocks (3.5.0)
      diff-lcs (>= 1.2.0, < 2.0)
      rspec-support (~> 3.5.0)
    rspec-support (3.5.0)
    sinatra (1.4.7)
      rack (~> 1.5)
      rack-protection (~> 1.4)
      tilt (>= 1.3, < 3)
    thread (0.2.2)
    thread_safe (0.3.5)
    tilt (2.0.5)

PLATFORMS
  ruby

DEPENDENCIES
  easy_translate
  nokogiri
  rspec
  sinatra

BUNDLED WITH
   1.13.7
